GEM
  remote: https://rubygems.org/
  specs:
    kgio (2.11.4)
    rack (3.1.7)
    raindrops (0.20.1)
    unicorn (6.1.0)
      kgio (~> 2.6)
      raindrops (~> 0.7)

PLATFORMS
  universal-darwin-23

DEPENDENCIES
  rack (~> 3.1)
  unicorn (~> 6.1)

BUNDLED WITH
   2.3.7
